GEM
  remote: https://rubygems.org/
  specs:
    activesupport (4.2.6)
      i18n (~> 0.7)
      json (~> 1.7, >= 1.7.7)
      minitest (~> 5.1)
      thread_safe (~> 0.3, >= 0.3.4)
      tzinfo (~> 1.1)
    aws-sdk (2.2.31)
      aws-sdk-resources (= 2.2.31)
    aws-sdk-core (2.2.31)
      jmespath (~> 1.0)
    aws-sdk-resources (2.2.31)
      aws-sdk-core (= 2.2.31)
    aws_config (0.0.4)
    awsecrets (1.2.0)
      aws-sdk (~> 2.1)
      aws_config
    awspec (0.37.7)
      activesupport
      aws-sdk (~> 2.2)
      awsecrets (~> 1)
      rspec (~> 3.0)
      rspec-its
      term-ansicolor
      thor
    builder (3.2.2)
    cucumber (2.3.3)
      builder (>= 2.1.2)
      cucumber-core (~> 1.4.0)
      cucumber-wire (~> 0.0.1)
      diff-lcs (>= 1.1.3)
      gherkin (~> 3.2.0)
      multi_json (>= 1.7.5, < 2.0)
      multi_test (>= 0.1.2)
    cucumber-core (1.4.0)
      gherkin (~> 3.2.0)
    cucumber-wire (0.0.1)
    diff-lcs (1.2.5)
    gherkin (3.2.0)
    i18n (0.7.0)
    jmespath (1.1.3)
    json (1.8.3)
    minitest (5.8.4)
    multi_json (1.12.1)
    multi_test (0.1.2)
    rspec (3.4.0)
      rspec-core (~> 3.4.0)
      rspec-expectations (~> 3.4.0)
      rspec-mocks (~> 3.4.0)
    rspec-core (3.4.4)
      rspec-support (~> 3.4.0)
    rspec-expectations (3.4.0)
      diff-lcs (>= 1.2.0, < 2.0)
      rspec-support (~> 3.4.0)
    rspec-its (1.2.0)
      rspec-core (>= 3.0.0)
      rspec-expectations (>= 3.0.0)
    rspec-mocks (3.4.1)
      diff-lcs (>= 1.2.0, < 2.0)
      rspec-support (~> 3.4.0)
    rspec-support (3.4.1)
    term-ansicolor (1.3.2)
      tins (~> 1.0)
    thor (0.19.1)
    thread_safe (0.3.5)
    tins (1.6.0)
    tzinfo (1.2.2)
      thread_safe (~> 0.1)

PLATFORMS
  ruby

DEPENDENCIES
  awspec
  cucumber
  rspec

BUNDLED WITH
   1.11.2
